GEM
  remote: https://rubygems.org/
  specs:
    activesupport (4.1.1)
      i18n (~> 0.6, >= 0.6.9)
      json (~> 1.7, >= 1.7.7)
      minitest (~> 5.1)
      thread_safe (~> 0.1)
      tzinfo (~> 1.1)
    haml (4.0.5)
      tilt
    http_router (0.11.1)
      rack (>= 1.0.0)
      url_mount (~> 0.2.1)
    i18n (0.6.9)
    json (1.8.1)
    mail (2.5.4)
      mime-types (~> 1.16)
      treetop (~> 1.4.8)
    mime-types (1.25.1)
    minitest (5.3.3)
    moneta (0.7.20)
    padrino (0.12.0)
      padrino-admin (= 0.12.0)
      padrino-cache (= 0.12.0)
      padrino-core (= 0.12.0)
      padrino-gen (= 0.12.0)
      padrino-helpers (= 0.12.0)
      padrino-mailer (= 0.12.0)
    padrino-admin (0.12.0)
      padrino-core (= 0.12.0)
      padrino-helpers (= 0.12.0)
    padrino-cache (0.12.0)
      moneta (~> 0.7.0)
      padrino-core (= 0.12.0)
      padrino-helpers (= 0.12.0)
    padrino-core (0.12.0)
      activesupport (>= 3.1)
      http_router (~> 0.11.0)
      rack-protection (>= 1.5.0)
      sinatra (~> 1.4.2)
      thor (~> 0.17.0)
      tilt (~> 1.4.1)
    padrino-gen (0.12.0)
      bundler (~> 1.0)
      padrino-core (= 0.12.0)
    padrino-helpers (0.12.0)
      i18n (~> 0.6, >= 0.6.7)
      padrino-core (= 0.12.0)
    padrino-mailer (0.12.0)
      mail (~> 2.5.3)
      padrino-core (= 0.12.0)
    polyglot (0.3.4)
    rack (1.5.2)
    rack-protection (1.5.3)
      rack
    rake (10.3.1)
    sass (3.3.7)
    sinatra (1.4.5)
      rack (~> 1.4)
      rack-protection (~> 1.4)
      tilt (~> 1.3, >= 1.3.4)
    thor (0.17.0)
    thread_safe (0.3.3)
    tilt (1.4.1)
    treetop (1.4.15)
      polyglot
      polyglot (>= 0.3.1)
    tzinfo (1.1.0)
      thread_safe (~> 0.1)
    url_mount (0.2.1)
      rack

PLATFORMS
  ruby

DEPENDENCIES
  haml
  padrino (= 0.12.0)
  rake
  sass
